GEM
  remote: https://rubygems.org/
  specs:
    addressable (2.7.0)
      public_suffix (>= 2.0.2, < 5.0)
    awesome_print (1.8.0)
    coderay (1.1.3)
    curb (0.9.11)
    declarative (0.0.20)
    declarative-option (0.1.0)
    digest-crc (0.6.3)
      rake (>= 12.0.0, < 14.0.0)
    env (0.3.0)
    faraday (1.3.0)
      faraday-net_http (~> 1.0)
      multipart-post (>= 1.2, < 3)
      ruby2_keywords
    faraday-net_http (1.0.1)
    ffi (1.14.2)
    gapic-common (0.3.4)
      google-protobuf (~> 3.12, >= 3.12.2)
      googleapis-common-protos (>= 1.3.9, < 2.0)
      googleapis-common-protos-types (>= 1.0.4, < 2.0)
      googleauth (~> 0.9)
      grpc (~> 1.25)
    google-apis-core (0.2.0)
      addressable (~> 2.5, >= 2.5.1)
      googleauth (~> 0.14)
      httpclient (>= 2.8.1, < 3.0)
      mini_mime (~> 1.0)
      representable (~> 3.0)
      retriable (>= 2.0, < 4.0)
      rexml
      signet (~> 0.14)
    google-apis-iamcredentials_v1 (0.1.0)
      google-apis-core (~> 0.1)
    google-apis-storage_v1 (0.1.0)
      google-apis-core (~> 0.1)
    google-cloud-core (1.5.0)
      google-cloud-env (~> 1.0)
      google-cloud-errors (~> 1.0)
    google-cloud-env (1.4.0)
      faraday (>= 0.17.3, < 2.0)
    google-cloud-errors (1.0.1)
    google-cloud-speech (1.1.2)
      google-cloud-core (~> 1.5)
      google-cloud-speech-v1 (~> 0.0)
      google-cloud-speech-v1p1beta1 (~> 0.0)
    google-cloud-speech-v1 (0.2.6)
      gapic-common (~> 0.3)
      google-cloud-errors (~> 1.0)
    google-cloud-speech-v1p1beta1 (0.3.6)
      gapic-common (~> 0.3)
      google-cloud-errors (~> 1.0)
    google-cloud-storage (1.30.0)
      addressable (~> 2.5)
      digest-crc (~> 0.4)
      google-apis-iamcredentials_v1 (~> 0.1)
      google-apis-storage_v1 (~> 0.1)
      google-cloud-core (~> 1.2)
      googleauth (~> 0.9)
      mini_mime (~> 1.0)
    google-protobuf (3.14.0)
    googleapis-common-protos (1.3.10)
      google-protobuf (~> 3.11)
      googleapis-common-protos-types (>= 1.0.5, < 2.0)
      grpc (~> 1.27)
    googleapis-common-protos-types (1.0.5)
      google-protobuf (~> 3.11)
    googleauth (0.14.0)
      faraday (>= 0.17.3, < 2.0)
      jwt (>= 1.4, < 3.0)
      memoist (~> 0.16)
      multi_json (~> 1.11)
      os (>= 0.9, < 2.0)
      signet (~> 0.14)
    grpc (1.35.0)
      google-protobuf (~> 3.14)
      googleapis-common-protos-types (~> 1.0)
    httpclient (2.8.3)
    json (2.5.1)
    jwt (2.2.1)
    memoist (0.16.2)
    method_source (1.0.0)
    mini_mime (1.0.2)
    multi_json (1.15.0)
    multipart-post (2.1.1)
    mustermann (1.1.1)
      ruby2_keywords (~> 0.0.1)
    os (1.1.1)
    pocketsphinx-ruby (0.4.0)
      ffi (>= 1.9)
    pry (0.13.1)
      coderay (~> 1.1)
      method_source (~> 1.0)
    public_suffix (4.0.5)
    rack (2.2.3)
    rack-protection (2.1.0)
      rack
    rake (13.0.1)
    representable (3.0.4)
      declarative (< 0.1.0)
      declarative-option (< 0.2.0)
      uber (< 0.2.0)
    retriable (3.1.2)
    rexml (3.1.9)
    ruby2_keywords (0.0.4)
    signet (0.14.0)
      addressable (~> 2.3)
      faraday (>= 0.17.3, < 2.0)
      jwt (>= 1.5, < 3.0)
      multi_json (~> 1.10)
    sinatra (2.1.0)
      mustermann (~> 1.0)
      rack (~> 2.2)
      rack-protection (= 2.1.0)
      tilt (~> 2.0)
    sinatra-contrib (2.1.0)
      multi_json
      mustermann (~> 1.0)
      rack-protection (= 2.1.0)
      sinatra (= 2.1.0)
      tilt (~> 2.0)
    sinatra-namespace (1.0)
      sinatra-contrib
    speech2text (0.3.6)
      curb
      json
    tilt (2.0.10)
    uber (0.1.0)

PLATFORMS
  ruby

DEPENDENCIES
  awesome_print
  env
  google-cloud-speech
  google-cloud-storage
  pocketsphinx-ruby
  pry
  sinatra
  sinatra-namespace
  speech2text

BUNDLED WITH
   2.1.4
